GEM
  remote: https://rubygems.org/
  specs:
    nio4r (2.5.7)
    puma (5.3.2)
      nio4r (~> 2.0)
    rack (2.2.3)
    roda (3.46.0)
      rack

PLATFORMS
  x86_64-linux

DEPENDENCIES
  puma
  roda

BUNDLED WITH
   2.2.17
